GEM
  remote: https://rubygems.org/
  specs:
    builder (3.1.4)
    commander (4.1.6)
      highline (~> 1.6.11)
    exifr (1.1.3)
    highline (1.6.20)
    libxml-ruby (2.7.0)
    mail (2.7.1)
      mini_mime (>= 0.1.1)
    mini_mime (1.0.1)
    mini_portile (0.5.2)
    nokogiri (1.6.1)
      mini_portile (~> 0.5.0)
    rb-dayone (0.7.1)
      builder (~> 3.1.0)
      commander (~> 4.1.2)
      libxml-ruby (~> 2.7.0)
      nokogiri (~> 1.6.0)

PLATFORMS
  ruby

DEPENDENCIES
  exifr
  mail
  rb-dayone
