GEM
  remote: https://rubygems.org/
  specs:
    builder (3.1.4)
    commander (4.1.6)
      highline (~> 1.6.11)
    highline (1.6.20)
    libxml-ruby (2.7.0)
    mail (2.5.4)
      mime-types (~> 1.16)
      treetop (~> 1.4.8)
    mime-types (1.25.1)
    mini_portile (0.5.2)
    nokogiri (1.6.1)
      mini_portile (~> 0.5.0)
    polyglot (0.3.4)
    rb-dayone (0.7.1)
      builder (~> 3.1.0)
      commander (~> 4.1.2)
      libxml-ruby (~> 2.7.0)
      nokogiri (~> 1.6.0)
    treetop (1.4.15)
      polyglot
      polyglot (>= 0.3.1)

PLATFORMS
  ruby

DEPENDENCIES
  mail
  rb-dayone
